PATH
  remote: .
  specs:
    wonkavision_client (2.0.0)
      certified
      faraday (~> 0.8.7)
      yajl-ruby

GEM
  remote: http://rubygems.org/
  specs:
    certified (0.1.1)
    diff-lcs (1.1.2)
    faraday (0.8.7)
      multipart-post (~> 1.1)
    multipart-post (1.2.0)
    rspec (2.6.0)
      rspec-core (~> 2.6.0)
      rspec-expectations (~> 2.6.0)
      rspec-mocks (~> 2.6.0)
    rspec-core (2.6.4)
    rspec-expectations (2.6.0)
      diff-lcs (~> 1.1.2)
    rspec-mocks (2.6.0)
    yajl-ruby (1.1.0)

PLATFORMS
  ruby

DEPENDENCIES
  rspec (~> 2.6.0)
  wonkavision_client!
